GEM
  remote: http://rubygems.org/
  specs:
    amq-protocol (1.2.0)
    bunny (0.9.0.pre7)
      amq-protocol (>= 1.2.0)
    coderay (1.0.9)
    method_source (0.8.1)
    pry (0.9.12)
      coderay (~> 1.0.5)
      method_source (~> 0.8)
      slop (~> 3.4)
    slop (3.4.3)
    trollop (2.0)

PLATFORMS
  ruby

DEPENDENCIES
  bunny (>= 0.9.0.pre7)
  pry
  trollop
